NUGET
  remote: https://nuget.org/api/v2
  specs:
    Microsoft.Owin (3.0.0)
      Owin (>= 1.0)
    Microsoft.Owin.Diagnostics (3.0.0)
      Microsoft.Owin (>= 3.0.0)
      Owin (>= 1.0)
    Microsoft.Owin.FileSystems (3.0.0)
    Microsoft.Owin.Host.HttpListener (3.0.0)
    Microsoft.Owin.Hosting (3.0.0)
      Microsoft.Owin (>= 3.0.0)
      Owin (>= 1.0)
    Microsoft.Owin.StaticFiles (3.0.0)
      Microsoft.Owin (>= 3.0.0)
      Microsoft.Owin.FileSystems (>= 3.0.0)
      Owin (>= 1.0)
    Mono.Cecil (0.9.5.4)
    NUnit (2.6.4)
    Owin (1.0)
    WebSharper (3.0.26.107-alpha)
    WebSharper.Owin (3.0.19.30-alpha)
      Microsoft.Owin
      Owin
      WebSharper
